GEM
  remote: https://rubygems.org/
  specs:
    colorize (0.7.7)
    git (1.11.0)
      rchardet (~> 1.8)
    rchardet (1.8.0)

PLATFORMS
  ruby

DEPENDENCIES
  colorize
  git

BUNDLED WITH
   1.12.0
