GEM
  remote: https://rubygems.org/
  specs:
    addressable (2.8.1)
      public_suffix (>= 2.0.2, < 6.0)
    colorize (0.7.7)
    git (1.13.0)
      addressable (~> 2.8)
      rchardet (~> 1.8)
    public_suffix (5.0.1)
    rchardet (1.8.0)

PLATFORMS
  ruby

DEPENDENCIES
  colorize
  git

BUNDLED WITH
   1.12.0
